GIT
  remote: git://github.com/LJV/database_backup.git
  revision: 09361ed097aee7213511f8a23845ff07d09e7eed
  specs:
    database_backup (0.0.1.alpha)
      escape

GIT
  remote: git://github.com/LJV/rackspace_uploader.git
  revision: 728bcecd408c94882aa70deef4560e8cf4d20c6d
  specs:
    rackspace_uploader (0.0.1.alpha)
      fog

GEM
  specs:
    builder (3.0.4)
    escape (0.0.4)
    excon (0.25.3)
    fog (1.15.0)
      builder
      excon (~> 0.25.0)
      formatador (~> 0.2.0)
      mime-types
      multi_json (~> 1.0)
      net-scp (~> 1.1)
      net-ssh (>= 2.1.3)
      nokogiri (~> 1.5)
      ruby-hmac
    formatador (0.2.4)
    mime-types (1.23)
    multi_json (1.7.9)
    net-scp (1.1.2)
      net-ssh (>= 2.6.5)
    net-ssh (2.7.0)
    nokogiri (1.5.10)
    ruby-hmac (0.4.0)

PLATFORMS
  ruby

DEPENDENCIES
  database_backup!
  escape
  rackspace_uploader!
