GIT
  remote: git://github.com/LJV/database_backup.git
  revision: 09361ed097aee7213511f8a23845ff07d09e7eed
  specs:
    database_backup (0.0.1.alpha)
      escape

GIT
  remote: git://github.com/LJV/rackspace_uploader.git
  revision: a3a1e00df0f11b81fda15114827d72ad3f2b9534
  specs:
    rackspace_uploader (0.0.2.alpha)
      fog

GEM
  remote: https://rubygems.org/
  specs:
    builder (3.2.2)
    escape (0.0.4)
    excon (0.34.0)
    fog (1.22.1)
      fog-brightbox
      fog-core (~> 1.22)
      fog-json
      ipaddress (~> 0.5)
      nokogiri (~> 1.5, >= 1.5.11)
    fog-brightbox (0.0.2)
      fog-core
      fog-json
    fog-core (1.22.0)
      builder
      excon (~> 0.33)
      formatador (~> 0.2)
      mime-types
      net-scp (~> 1.1)
      net-ssh (>= 2.1.3)
    fog-json (1.0.0)
      multi_json (~> 1.0)
    formatador (0.2.5)
    ipaddress (0.8.0)
    mime-types (2.3)
    mini_portile (0.6.0)
    multi_json (1.10.1)
    net-scp (1.2.1)
      net-ssh (>= 2.6.5)
    net-ssh (2.9.1)
    nokogiri (1.6.2.1)
      mini_portile (= 0.6.0)

PLATFORMS
  ruby

DEPENDENCIES
  database_backup!
  escape
  rackspace_uploader!
