GIT
  remote: git://github.com/LJV/database_backup.git
  revision: 09361ed097aee7213511f8a23845ff07d09e7eed
  specs:
    database_backup (0.0.1.alpha)
      escape

GIT
  remote: git://github.com/LJV/rackspace_uploader.git
  revision: 8de94cb3ab2f8f73f41117ced0071380d4c80417
  specs:
    rackspace_uploader (0.0.1.alpha)
      fog

GEM
  remote: https://rubygems.org/
  specs:
    builder (3.2.2)
    escape (0.0.4)
    excon (0.31.0)
    fog (1.19.0)
      builder
      excon (~> 0.31.0)
      formatador (~> 0.2.0)
      mime-types
      multi_json (~> 1.0)
      net-scp (~> 1.1)
      net-ssh (>= 2.1.3)
      nokogiri (~> 1.5)
      ruby-hmac
    formatador (0.2.4)
    mime-types (2.0)
    mini_portile (0.5.2)
    multi_json (1.8.2)
    net-scp (1.1.2)
      net-ssh (>= 2.6.5)
    net-ssh (2.7.0)
    nokogiri (1.6.1)
      mini_portile (~> 0.5.0)
    ruby-hmac (0.4.0)

PLATFORMS
  ruby

DEPENDENCIES
  database_backup!
  escape
  rackspace_uploader!
